GEM
  remote: http://rubygems.org/
  specs:
    activemodel (4.2.0)
      activesupport (= 4.2.0)
      builder (~> 3.1)
    activesupport (4.2.0)
      i18n (~> 0.7)
      json (~> 1.7, >= 1.7.7)
      minitest (~> 5.1)
      thread_safe (~> 0.3, >= 0.3.4)
      tzinfo (~> 1.1)
    addressable (2.3.7)
    builder (3.2.2)
    cleverbot (0.2.0)
      httparty (>= 0.8.1, < 1.0)
    coderay (1.1.0)
    cookiejar (0.3.2)
    daemons (1.2.1)
    dotenv (2.0.0)
    em-http-request (1.1.2)
      addressable (>= 2.3.4)
      cookiejar
      em-socksify (>= 0.3)
      eventmachine (>= 1.0.3)
      http_parser.rb (>= 0.6.0)
    em-socksify (0.3.0)
      eventmachine (>= 1.0.0.beta.4)
    eventmachine (1.0.7)
    filewatcher (0.4.0)
      trollop (~> 2.0)
    hipbot (1.0.3)
      activesupport (>= 3.0.0)
      daemons (~> 1.1)
      em-http-request (~> 1.1)
      eventmachine (~> 1.0)
      xmpp4r-hipchat (= 0.0.4)
    hipbot-plugins (1.0.2)
      cleverbot (~> 0.2.0)
      hipbot (~> 1.0, >= 1.0.0)
      htmlentities
      wolfram (~> 0.2.1)
    htmlentities (4.3.3)
    http_parser.rb (0.6.0)
    httparty (0.13.3)
      json (~> 1.8)
      multi_xml (>= 0.5.2)
    i18n (0.7.0)
    json (1.8.2)
    method_source (0.8.2)
    mime-types (2.4.3)
    mini_portile (0.6.2)
    minitest (5.5.1)
    multi_xml (0.5.5)
    netrc (0.10.3)
    nokogiri (1.6.6.2)
      mini_portile (~> 0.6.0)
    oauth (0.4.7)
    pry (0.10.1)
      coderay (~> 1.1.0)
      method_source (~> 0.8.1)
      slop (~> 3.4)
    rest-client (1.7.3)
      mime-types (>= 1.16, < 3.0)
      netrc (~> 0.7)
    ruby-trello (1.1.3)
      activemodel (>= 3.2.0)
      addressable (~> 2.3)
      json
      oauth (~> 0.4.5)
      rest-client (~> 1.7.2)
    slop (3.6.0)
    thread_safe (0.3.5)
    trollop (2.1.2)
    tzinfo (1.2.2)
      thread_safe (~> 0.1)
    wolfram (0.2.1)
      nokogiri (>= 1.4.3)
    xmpp4r (0.5.6)
    xmpp4r-hipchat (0.0.4)
      xmpp4r (~> 0.5)

PLATFORMS
  ruby

DEPENDENCIES
  dotenv
  filewatcher
  hipbot
  hipbot-plugins (= 1.0.2)
  minitest
  pry
  ruby-trello
